PATH
  remote: .
  specs:
    evertrue_app_assets (1.0.0)
      httparty (~> 0.10, >= 0.10.0)
      itunes-search-api (~> 0)

GEM
  remote: https://rubygems.org/
  remote: https://qNLxDJHzxhqiDs3NapDX@gem.fury.io/me/
  specs:
    faraday (0.8.9)
      multipart-post (~> 1.2.0)
    faraday_middleware (0.9.0)
      faraday (>= 0.7.4, < 0.9)
    fury (0.0.5)
      gemfury
    gemfury (0.4.23)
      faraday (>= 0.7.4, < 0.9.0.pre)
      faraday_middleware (>= 0.7, < 0.10.0.pre)
      highline (~> 1.6.0)
      multi_json (~> 1.0)
      netrc (~> 0.7.7)
      thor (>= 0.14.0, < 1.0.0.pre)
    highline (1.6.21)
    httparty (0.13.0)
      json (~> 1.8)
      multi_xml (>= 0.5.2)
    itunes-search-api (0.1.0)
      httparty
    json (1.8.1)
    multi_json (1.9.2)
    multi_xml (0.5.5)
    multipart-post (1.2.0)
    netrc (0.7.7)
    rake (10.2.2)
    thor (0.19.1)

PLATFORMS
  ruby

DEPENDENCIES
  bundler (~> 1.5, >= 1.5.1)
  evertrue_app_assets!
  fury (~> 0.0, >= 0.0.5)
  rake (~> 10.1, >= 10.1.1)
